GIT
  remote: https://github.com/TheDesignium/omniauth-cityos-dcp.git
  revision: 64c73eb4e9c827cd0186dd12af1408f34c1b9ae5
  tag: v1.4.0
  specs:
    omniauth-cityos-dcp (0.1.0)
      decidim (>= 0.28.0)
      omniauth-oauth2

GIT
  remote: https://github.com/codeforjapan/decidim-module-decidim_awesome.git
  revision: 37bd4cdf839ac455e8fa0dce0503a4f50509a96a
  branch: main-2025-05-12
  specs:
    decidim-decidim_awesome (0.12.1)
      decidim-admin (>= 0.29.1, < 0.30)
      decidim-core (>= 0.29.1, < 0.30)
      deface (>= 1.5)
      sassc (~> 2.3)

GIT
  remote: https://github.com/codeforjapan/decidim-module-navigation_maps.git
  revision: 349e4e37360639f396f7228d9ecbad614e340535
  branch: upgrade-0.29-2025-03-12
  specs:
    decidim-navigation_maps (1.6.0)
      decidim-admin (>= 0.29, < 0.30)
      decidim-core (>= 0.29, < 0.30)

GIT
  remote: https://github.com/codeforjapan/decidim-module-term_customizer.git
  revision: a628767f6c24e8399a017470934cdaafecf7be87
  branch: 029-ja
  specs:
    decidim-term_customizer (0.29.0)
      decidim-admin (~> 0.29.2)
      decidim-core (~> 0.29.2)

GIT
  remote: https://github.com/codeforjapan/decidim-polis.git
  revision: 80a42fdd199d7822d3b17b3d4b2f882d262b7a24
  branch: update-0-29-2
  specs:
    decidim-polis (0.29.2)
      decidim-core (= 0.29.2)

PATH
  remote: decidim-ai-comment_moderation
  specs:
    decidim-ai-comment_moderation (0.1.0)
      decidim-comments (~> 0.29.2)
      decidim-core (~> 0.29.2)
      ruby-openai (~> 6.0)

PATH
  remote: decidim-user_extension
  specs:
    decidim-user_extension (0.4.0)
      decidim-admin
      decidim-core
      rails

PATH
  remote: omniauth-line_login
  specs:
    omniauth-line_login (0.1.0)
      omniauth-oauth2

GEM
  remote: https://rubygems.org/
  specs:
    actioncable (7.0.8.7)
      actionpack (= 7.0.8.7)
      activesupport (= 7.0.8.7)
      nio4r (~> 2.0)
      websocket-driver (>= 0.6.1)
    actionmailbox (7.0.8.7)
      actionpack (= 7.0.8.7)
      activejob (= 7.0.8.7)
      activerecord (= 7.0.8.7)
      activestorage (= 7.0.8.7)
      activesupport (= 7.0.8.7)
      mail (>= 2.7.1)
      net-imap
      net-pop
      net-smtp
    actionmailer (7.0.8.7)
      actionpack (= 7.0.8.7)
      actionview (= 7.0.8.7)
      activejob (= 7.0.8.7)
      activesupport (= 7.0.8.7)
      mail (~> 2.5, >= 2.5.4)
      net-imap
      net-pop
      net-smtp
      rails-dom-testing (~> 2.0)
    actionpack (7.0.8.7)
      actionview (= 7.0.8.7)
      activesupport (= 7.0.8.7)
      rack (~> 2.0, >= 2.2.4)
      rack-test (>= 0.6.3)
      rails-dom-testing (~> 2.0)
      rails-html-sanitizer (~> 1.0, >= 1.2.0)
    actiontext (7.0.8.7)
      actionpack (= 7.0.8.7)
      activerecord (= 7.0.8.7)
      activestorage (= 7.0.8.7)
      activesupport (= 7.0.8.7)
      globalid (>= 0.6.0)
      nokogiri (>= 1.8.5)
    actionview (7.0.8.7)
      activesupport (= 7.0.8.7)
      builder (~> 3.1)
      erubi (~> 1.4)
      rails-dom-testing (~> 2.0)
      rails-html-sanitizer (~> 1.1, >= 1.2.0)
    active_link_to (1.0.5)
      actionpack
      addressable
    activejob (7.0.8.7)
      activesupport (= 7.0.8.7)
      globalid (>= 0.3.6)
    activemodel (7.0.8.7)
      activesupport (= 7.0.8.7)
    activerecord (7.0.8.7)
      activemodel (= 7.0.8.7)
      activesupport (= 7.0.8.7)
    activestorage (7.0.8.7)
      actionpack (= 7.0.8.7)
      activejob (= 7.0.8.7)
      activerecord (= 7.0.8.7)
      activesupport (= 7.0.8.7)
      marcel (~> 1.0)
      mini_mime (>= 1.1.0)
    activesupport (7.0.8.7)
      concurrent-ruby (~> 1.0, >= 1.0.2)
      i18n (>= 1.6, < 2)
      minitest (>= 5.1)
      tzinfo (~> 2.0)
    acts_as_list (1.2.4)
      activerecord (>= 6.1)
      activesupport (>= 6.1)
    addressable (2.8.7)
      public_suffix (>= 2.0.2, < 7.0)
    ast (2.4.2)
    aws-eventstream (1.3.2)
    aws-partitions (1.1065.0)
    aws-sdk-core (3.220.1)
      aws-eventstream (~> 1, >= 1.3.0)
      aws-partitions (~> 1, >= 1.992.0)
      aws-sigv4 (~> 1.9)
      base64
      jmespath (~> 1, >= 1.6.1)
    aws-sdk-kms (1.99.0)
      aws-sdk-core (~> 3, >= 3.216.0)
      aws-sigv4 (~> 1.5)
    aws-sdk-s3 (1.182.0)
      aws-sdk-core (~> 3, >= 3.216.0)
      aws-sdk-kms (~> 1)
      aws-sigv4 (~> 1.5)
    aws-sigv4 (1.11.0)
      aws-eventstream (~> 1, >= 1.0.2)
    base64 (0.2.0)
    batch-loader (1.5.0)
    bcrypt (3.1.20)
    better_html (2.1.1)
      actionview (>= 6.0)
      activesupport (>= 6.0)
      ast (~> 2.0)
      erubi (~> 1.4)
      parser (>= 2.4)
      smart_properties
    bigdecimal (3.1.9)
    bindex (0.8.1)
    bootsnap (1.18.4)
      msgpack (~> 1.2)
    browser (2.7.1)
    builder (3.3.0)
    bullet (7.1.6)
      activesupport (>= 3.0.0)
      uniform_notifier (~> 1.11)
    byebug (11.1.3)
    capybara (3.40.0)
      addressable
      matrix
      mini_mime (>= 0.1.3)
      nokogiri (~> 1.11)
      rack (>= 1.6.0)
      rack-test (>= 0.6.3)
      regexp_parser (>= 1.5, < 3.0)
      xpath (~> 3.2)
    cells (4.1.8)
      declarative-builder (~> 0.2.0)
      declarative-option (< 0.2.0)
      tilt (>= 1.4, < 3)
      uber (< 0.2.0)
    cells-erb (0.1.0)
      cells (~> 4.0)
      erbse (>= 0.1.1)
    cells-rails (0.1.6)
      actionpack (>= 5.0)
      cells (>= 4.1.6, < 5.0.0)
    charlock_holmes (0.7.9)
    childprocess (5.1.0)
      logger (~> 1.5)
    commonmarker (0.23.11)
    concurrent-ruby (1.3.4)
    connection_pool (2.5.0)
    crack (1.0.0)
      bigdecimal
      rexml
    crass (1.0.6)
    css_parser (1.21.1)
      addressable
    csv (3.3.4)
    dartsass (1.49.8)
    date (3.4.1)
    date_validator (0.12.0)
      activemodel (>= 3)
      activesupport (>= 3)
    decidim (0.29.2)
      decidim-accountability (= 0.29.2)
      decidim-admin (= 0.29.2)
      decidim-api (= 0.29.2)
      decidim-assemblies (= 0.29.2)
      decidim-blogs (= 0.29.2)
      decidim-budgets (= 0.29.2)
      decidim-comments (= 0.29.2)
      decidim-core (= 0.29.2)
      decidim-debates (= 0.29.2)
      decidim-forms (= 0.29.2)
      decidim-generators (= 0.29.2)
      decidim-meetings (= 0.29.2)
      decidim-pages (= 0.29.2)
      decidim-participatory_processes (= 0.29.2)
      decidim-proposals (= 0.29.2)
      decidim-sortitions (= 0.29.2)
      decidim-surveys (= 0.29.2)
      decidim-system (= 0.29.2)
      decidim-verifications (= 0.29.2)
    decidim-accountability (0.29.2)
      decidim-comments (= 0.29.2)
      decidim-core (= 0.29.2)
    decidim-admin (0.29.2)
      active_link_to (~> 1.0)
      decidim-core (= 0.29.2)
      devise (~> 4.7)
      devise-i18n (~> 1.2)
      devise_invitable (~> 2.0, >= 2.0.9)
    decidim-api (0.29.2)
      decidim-core (= 0.29.2)
      graphql (~> 2.2.6)
      graphql-docs (~> 4.0)
      rack-cors (~> 1.0)
    decidim-assemblies (0.29.2)
      decidim-core (= 0.29.2)
    decidim-blogs (0.29.2)
      decidim-admin (= 0.29.2)
      decidim-comments (= 0.29.2)
      decidim-core (= 0.29.2)
    decidim-budgets (0.29.2)
      decidim-comments (= 0.29.2)
      decidim-core (= 0.29.2)
    decidim-comments (0.29.2)
      decidim-core (= 0.29.2)
      redcarpet (~> 3.5, >= 3.5.1)
    decidim-core (0.29.2)
      active_link_to (~> 1.0)
      acts_as_list (~> 1.0)
      batch-loader (~> 1.2)
      browser (~> 2.7)
      cells-erb (~> 0.1.0)
      cells-rails (~> 0.1.3)
      charlock_holmes (~> 0.7)
      concurrent-ruby (= 1.3.4)
      date_validator (~> 0.12.0)
      devise (~> 4.7)
      devise-i18n (~> 1.2, < 1.11.1)
      diffy (~> 3.3)
      doorkeeper (~> 5.6, >= 5.6.6)
      doorkeeper-i18n (~> 4.0)
      file_validators (~> 3.0)
      fog-local (~> 0.6)
      foundation_rails_helper (~> 4.0)
      geocoder (~> 1.8)
      hashdiff (>= 0.4.0, < 2.0.0)
      image_processing (~> 1.2)
      invisible_captcha (~> 0.12)
      kaminari (~> 1.2, >= 1.2.1)
      loofah (~> 2.19, >= 2.19.1)
      mime-types (>= 1.16, < 4.0)
      mini_magick (~> 4.9)
      net-smtp (~> 0.3.1)
      nokogiri (~> 1.16, >= 1.16.2)
      omniauth (~> 2.0)
      omniauth-facebook (~> 5.0)
      omniauth-google-oauth2 (~> 1.0)
      omniauth-rails_csrf_protection (~> 1.0)
      omniauth-twitter (~> 1.4)
      paper_trail (~> 12.0)
      pg (~> 1.4.0, < 2)
      pg_search (~> 2.2)
      premailer-rails (~> 1.10)
      psych (~> 4.0)
      rack (~> 2.2, >= 2.2.8.1)
      rack-attack (~> 6.0)
      rails (~> 7.0.8)
      rails-i18n (~> 7.0)
      ransack (~> 3.2.1)
      redis (~> 4.1)
      request_store (~> 1.5.0)
      rubyXL (~> 3.4)
      rubyzip (~> 2.0)
      shakapacker (~> 7.1.0)
      valid_email2 (~> 4.0)
      web-push (~> 3.0)
      wisper (~> 2.0)
    decidim-debates (0.29.2)
      decidim-comments (= 0.29.2)
      decidim-core (= 0.29.2)
    decidim-dev (0.29.2)
      bullet (~> 7.1.6)
      byebug (~> 11.0)
      capybara (~> 3.39)
      decidim (= 0.29.2)
      erb_lint (~> 0.4.0)
      factory_bot_rails (~> 6.2)
      faker (~> 3.2)
      i18n-tasks (~> 1.0)
      nokogiri (~> 1.16, >= 1.16.2)
      parallel_tests (~> 4.2)
      puma (~> 6.2, >= 6.3.1)
      rails-controller-testing (~> 1.0)
      rspec (~> 3.12)
      rspec-cells (~> 0.3.7)
      rspec-html-matchers (~> 0.10)
      rspec-rails (~> 6.0)
      rspec-retry (~> 0.6.2)
      rspec_junit_formatter (~> 0.6.0)
      rubocop (~> 1.65.0)
      rubocop-capybara (~> 2.21)
      rubocop-factory_bot (~> 2.26)
      rubocop-faker (~> 1.1)
      rubocop-performance (~> 1.21)
      rubocop-rails (~> 2.25)
      rubocop-rspec (~> 3.0)
      rubocop-rspec_rails (~> 2.30)
      rubocop-rubycw (~> 0.1)
      selenium-webdriver (~> 4.9)
      simplecov (~> 0.22.0)
      simplecov-cobertura (~> 2.1.0)
      spring (~> 4.0)
      spring-watcher-listen (~> 2.0)
      w3c_rspec_validators (~> 0.3.0)
      webmock (~> 3.18)
      wisper-rspec (~> 1.0)
    decidim-forms (0.29.2)
      decidim-core (= 0.29.2)
      wicked_pdf (~> 2.1)
    decidim-generators (0.29.2)
      decidim-core (= 0.29.2)
    decidim-meetings (0.29.2)
      decidim-core (= 0.29.2)
      decidim-forms (= 0.29.2)
      icalendar (~> 2.5)
    decidim-pages (0.29.2)
      decidim-core (= 0.29.2)
    decidim-participatory_processes (0.29.2)
      decidim-core (= 0.29.2)
    decidim-proposals (0.29.2)
      decidim-comments (= 0.29.2)
      decidim-core (= 0.29.2)
      doc2text (~> 0.4.7)
      redcarpet (~> 3.5, >= 3.5.1)
    decidim-sortitions (0.29.2)
      decidim-admin (= 0.29.2)
      decidim-comments (= 0.29.2)
      decidim-core (= 0.29.2)
      decidim-proposals (= 0.29.2)
    decidim-surveys (0.29.2)
      decidim-core (= 0.29.2)
      decidim-forms (= 0.29.2)
    decidim-system (0.29.2)
      active_link_to (~> 1.0)
      decidim-core (= 0.29.2)
      devise (~> 4.7)
      devise-i18n (~> 1.2)
      devise_invitable (~> 2.0, >= 2.0.9)
    decidim-verifications (0.29.2)
      decidim-core (= 0.29.2)
    declarative-builder (0.2.0)
      trailblazer-option (~> 0.1.0)
    declarative-option (0.1.0)
    deface (1.9.0)
      actionview (>= 5.2)
      nokogiri (>= 1.6)
      polyglot
      railties (>= 5.2)
      rainbow (>= 2.1.0)
    devise (4.9.4)
      bcrypt (~> 3.0)
      orm_adapter (~> 0.1)
      railties (>= 4.1.0)
      responders
      warden (~> 1.2.3)
    devise-i18n (1.11.0)
      devise (>= 4.9.0)
    devise_invitable (2.0.11)
      actionmailer (>= 5.0)
      devise (>= 4.6)
    diff-lcs (1.6.0)
    diffy (3.4.3)
    doc2text (0.4.8)
      nokogiri (>= 1.18.2)
      rubyzip (~> 2.3.0)
    docile (1.4.1)
    doorkeeper (5.8.2)
      railties (>= 5)
    doorkeeper-i18n (4.0.1)
    dotenv (3.1.7)
    dotenv-rails (3.1.7)
      dotenv (= 3.1.7)
      railties (>= 6.1)
    erb_lint (0.4.0)
      activesupport
      better_html (>= 2.0.1)
      parser (>= 2.7.1.4)
      rainbow
      rubocop
      smart_properties
    erbse (0.1.4)
      temple
    erubi (1.13.1)
    escape_utils (1.3.0)
    event_stream_parser (1.0.0)
    excon (1.2.7)
      logger
    extended-markdown-filter (0.7.0)
      html-pipeline (~> 2.9)
    factory_bot (6.5.1)
      activesupport (>= 6.1.0)
    factory_bot_rails (6.4.4)
      factory_bot (~> 6.5)
      railties (>= 5.0.0)
    faker (3.5.1)
      i18n (>= 1.8.11, < 2)
    faraday (2.13.1)
      faraday-net_http (>= 2.0, < 3.5)
      json
      logger
    faraday-mashify (0.1.1)
      faraday (~> 2.0)
      hashie
    faraday-multipart (1.1.0)
      multipart-post (~> 2.0)
    faraday-net_http (3.4.0)
      net-http (>= 0.5.0)
    ffi (1.17.2-aarch64-linux-gnu)
    ffi (1.17.2-x86_64-linux-gnu)
    figaro (1.2.0)
      thor (>= 0.14.0, < 2)
    file_validators (3.0.0)
      activemodel (>= 3.2)
      mime-types (>= 1.0)
    fog-aws (3.30.0)
      base64 (~> 0.2.0)
      fog-core (~> 2.6)
      fog-json (~> 1.1)
      fog-xml (~> 0.1)
    fog-core (2.6.0)
      builder
      excon (~> 1.0)
      formatador (>= 0.2, < 2.0)
      mime-types
    fog-json (1.2.0)
      fog-core
      multi_json (~> 1.10)
    fog-local (0.9.0)
      fog-core (>= 1.27, < 3.0)
    fog-xml (0.1.5)
      fog-core
      nokogiri (>= 1.5.11, < 2.0.0)
    formatador (1.1.0)
    foundation_rails_helper (4.0.1)
      actionpack (>= 4.1, < 7.1)
      activemodel (>= 4.1, < 7.1)
      activesupport (>= 4.1, < 7.1)
      railties (>= 4.1, < 7.1)
    gemoji (3.0.1)
    geocoder (1.8.5)
      base64 (>= 0.1.0)
      csv (>= 3.0.0)
    get_process_mem (1.0.0)
      bigdecimal (>= 2.0)
      ffi (~> 1.0)
    gli (2.22.2)
      ostruct
    globalid (1.2.1)
      activesupport (>= 6.1)
    graphql (2.2.17)
      base64
    graphql-docs (4.0.0)
      commonmarker (~> 0.23, >= 0.23.6)
      dartsass (~> 1.49)
      escape_utils (~> 1.2)
      extended-markdown-filter (~> 0.4)
      gemoji (~> 3.0)
      graphql (~> 2.0)
      html-pipeline (~> 2.14, >= 2.14.3)
    hashdiff (1.2.0)
    hashie (5.0.0)
    highline (3.1.2)
      reline
    html-pipeline (2.14.3)
      activesupport (>= 2)
      nokogiri (>= 1.4)
    htmlentities (4.3.4)
    i18n (1.14.7)
      concurrent-ruby (~> 1.0)
    i18n-tasks (1.0.15)
      activesupport (>= 4.0.2)
      ast (>= 2.1.0)
      erubi
      highline (>= 2.0.0)
      i18n
      parser (>= 3.2.2.1)
      rails-i18n
      rainbow (>= 2.2.2, < 4.0)
      ruby-progressbar (~> 1.8, >= 1.8.1)
      terminal-table (>= 1.5.1)
    icalendar (2.10.3)
      ice_cube (~> 0.16)
      ostruct
    ice_cube (0.17.0)
    image_processing (1.14.0)
      mini_magick (>= 4.9.5, < 6)
      ruby-vips (>= 2.0.17, < 3)
    invisible_captcha (0.13.0)
      rails (>= 3.2.0)
    io-console (0.8.0)
    jmespath (1.6.2)
    json (2.12.2)
    jwt (2.10.1)
      base64
    kaminari (1.2.2)
      activesupport (>= 4.1.0)
      kaminari-actionview (= 1.2.2)
      kaminari-activerecord (= 1.2.2)
      kaminari-core (= 1.2.2)
    kaminari-actionview (1.2.2)
      actionview
      kaminari-core (= 1.2.2)
    kaminari-activerecord (1.2.2)
      activerecord
      kaminari-core (= 1.2.2)
    kaminari-core (1.2.2)
    language_server-protocol (3.17.0.4)
    launchy (3.1.1)
      addressable (~> 2.8)
      childprocess (~> 5.0)
      logger (~> 1.6)
    letter_opener (1.10.0)
      launchy (>= 2.2, < 4)
    letter_opener_web (3.0.0)
      actionmailer (>= 6.1)
      letter_opener (~> 1.9)
      railties (>= 6.1)
      rexml
    listen (3.9.0)
      rb-fsevent (~> 0.10, >= 0.10.3)
      rb-inotify (~> 0.9, >= 0.9.10)
    logger (1.7.0)
    loofah (2.24.1)
      crass (~> 1.0.2)
      nokogiri (>= 1.12.0)
    mail (2.8.1)
      mini_mime (>= 0.1.1)
      net-imap
      net-pop
      net-smtp
    marcel (1.0.4)
    matrix (0.4.2)
    method_source (1.1.0)
    mime-types (3.7.0)
      logger
      mime-types-data (~> 3.2025, >= 3.2025.0507)
    mime-types-data (3.2025.0527)
    mini_magick (4.13.2)
    mini_mime (1.1.5)
    minitest (5.25.5)
    msgpack (1.8.0)
    multi_json (1.15.0)
    multi_xml (0.7.2)
      bigdecimal (~> 3.1)
    multipart-post (2.4.1)
    net-http (0.6.0)
      uri
    net-imap (0.5.8)
      date
      net-protocol
    net-pop (0.1.2)
      net-protocol
    net-protocol (0.2.2)
      timeout
    net-smtp (0.3.4)
      net-protocol
    newrelic_rpm (9.17.0)
    nio4r (2.7.4)
    nokogiri (1.18.10-aarch64-linux-gnu)
      racc (~> 1.4)
    nokogiri (1.18.10-x86_64-linux-gnu)
      racc (~> 1.4)
    oauth (1.1.0)
      oauth-tty (~> 1.0, >= 1.0.1)
      snaky_hash (~> 2.0)
      version_gem (~> 1.1)
    oauth-tty (1.0.5)
      version_gem (~> 1.1, >= 1.1.1)
    oauth2 (2.0.11)
      faraday (>= 0.17.3, < 4.0)
      jwt (>= 1.0, < 4.0)
      logger (~> 1.2)
      multi_xml (~> 0.5)
      rack (>= 1.2, < 4)
      snaky_hash (~> 2.0, >= 2.0.3)
      version_gem (>= 1.1.8, < 3)
    omniauth (2.1.3)
      hashie (>= 3.4.6)
      rack (>= 2.2.3)
      rack-protection
    omniauth-facebook (5.0.0)
      omniauth-oauth2 (~> 1.2)
    omniauth-google-oauth2 (1.2.1)
      jwt (>= 2.9.2)
      oauth2 (~> 2.0)
      omniauth (~> 2.0)
      omniauth-oauth2 (~> 1.8)
    omniauth-oauth (1.2.1)
      oauth
      omniauth (>= 1.0, < 3)
      rack (>= 1.6.2, < 4)
    omniauth-oauth2 (1.8.0)
      oauth2 (>= 1.4, < 3)
      omniauth (~> 2.0)
    omniauth-rails_csrf_protection (1.0.2)
      actionpack (>= 4.2)
      omniauth (~> 2.0)
    omniauth-twitter (1.4.0)
      omniauth-oauth (~> 1.1)
      rack
    openssl (3.3.0)
    orm_adapter (0.5.0)
    ostruct (0.6.1)
    paper_trail (12.3.0)
      activerecord (>= 5.2)
      request_store (~> 1.1)
    parallel (1.26.3)
    parallel_tests (4.10.1)
      parallel
    parser (3.3.7.1)
      ast (~> 2.4.1)
      racc
    pg (1.4.6)
    pg_search (2.3.7)
      activerecord (>= 6.1)
      activesupport (>= 6.1)
    polyglot (0.3.5)
    premailer (1.27.0)
      addressable
      css_parser (>= 1.19.0)
      htmlentities (>= 4.0.0)
    premailer-rails (1.12.0)
      actionmailer (>= 3)
      net-smtp
      premailer (~> 1.7, >= 1.7.9)
    psych (4.0.6)
      stringio
    public_suffix (6.0.2)
    puma (6.6.0)
      nio4r (~> 2.0)
    puma_worker_killer (1.0.0)
      bigdecimal (>= 2.0)
      get_process_mem (>= 0.2)
      puma (>= 2.7)
    racc (1.8.1)
    rack (2.2.17)
    rack-attack (6.7.0)
      rack (>= 1.0, < 4)
    rack-cors (1.1.1)
      rack (>= 2.0.0)
    rack-protection (3.2.0)
      base64 (>= 0.1.0)
      rack (~> 2.2, >= 2.2.4)
    rack-proxy (0.7.7)
      rack
    rack-test (2.2.0)
      rack (>= 1.3)
    rails (7.0.8.7)
      actioncable (= 7.0.8.7)
      actionmailbox (= 7.0.8.7)
      actionmailer (= 7.0.8.7)
      actionpack (= 7.0.8.7)
      actiontext (= 7.0.8.7)
      actionview (= 7.0.8.7)
      activejob (= 7.0.8.7)
      activemodel (= 7.0.8.7)
      activerecord (= 7.0.8.7)
      activestorage (= 7.0.8.7)
      activesupport (= 7.0.8.7)
      bundler (>= 1.15.0)
      railties (= 7.0.8.7)
    rails-controller-testing (1.0.5)
      actionpack (>= 5.0.1.rc1)
      actionview (>= 5.0.1.rc1)
      activesupport (>= 5.0.1.rc1)
    rails-dom-testing (2.3.0)
      activesupport (>= 5.0.0)
      minitest
      nokogiri (>= 1.6)
    rails-html-sanitizer (1.6.2)
      loofah (~> 2.21)
      nokogiri (>= 1.15.7, != 1.16.7, != 1.16.6, != 1.16.5, != 1.16.4, != 1.16.3, != 1.16.2, != 1.16.1, != 1.16.0.rc1, != 1.16.0)
    rails-i18n (7.0.10)
      i18n (>= 0.7, < 2)
      railties (>= 6.0.0, < 8)
    railties (7.0.8.7)
      actionpack (= 7.0.8.7)
      activesupport (= 7.0.8.7)
      method_source
      rake (>= 12.2)
      thor (~> 1.0)
      zeitwerk (~> 2.5)
    rainbow (3.1.1)
    rake (13.2.1)
    ransack (3.2.1)
      activerecord (>= 6.1.5)
      activesupport (>= 6.1.5)
      i18n
    rb-fsevent (0.11.2)
    rb-inotify (0.11.1)
      ffi (~> 1.0)
    redcarpet (3.6.1)
    redis (4.8.1)
    regexp_parser (2.10.0)
    reline (0.6.0)
      io-console (~> 0.5)
    request_store (1.5.1)
      rack (>= 1.4)
    responders (3.1.1)
      actionpack (>= 5.2)
      railties (>= 5.2)
    rexml (3.4.4)
    rspec (3.13.0)
      rspec-core (~> 3.13.0)
      rspec-expectations (~> 3.13.0)
      rspec-mocks (~> 3.13.0)
    rspec-cells (0.3.10)
      cells (>= 4.0.0, < 6.0.0)
      rspec-rails (>= 3.0.0)
    rspec-core (3.13.3)
      rspec-support (~> 3.13.0)
    rspec-expectations (3.13.3)
      diff-lcs (>= 1.2.0, < 2.0)
      rspec-support (~> 3.13.0)
    rspec-html-matchers (0.10.0)
      nokogiri (~> 1)
      rspec (>= 3.0.0.a)
    rspec-mocks (3.13.2)
      diff-lcs (>= 1.2.0, < 2.0)
      rspec-support (~> 3.13.0)
    rspec-rails (6.1.5)
      actionpack (>= 6.1)
      activesupport (>= 6.1)
      railties (>= 6.1)
      rspec-core (~> 3.13)
      rspec-expectations (~> 3.13)
      rspec-mocks (~> 3.13)
      rspec-support (~> 3.13)
    rspec-retry (0.6.2)
      rspec-core (> 3.3)
    rspec-support (3.13.2)
    rspec_junit_formatter (0.6.0)
      rspec-core (>= 2, < 4, != 2.12.0)
    rubocop (1.65.1)
      json (~> 2.3)
      language_server-protocol (>= 3.17.0)
      parallel (~> 1.10)
      parser (>= 3.3.0.2)
      rainbow (>= 2.2.2, < 4.0)
      regexp_parser (>= 2.4, < 3.0)
      rexml (>= 3.2.5, < 4.0)
      rubocop-ast (>= 1.31.1, < 2.0)
      ruby-progressbar (~> 1.7)
      unicode-display_width (>= 2.4.0, < 3.0)
    rubocop-ast (1.38.1)
      parser (>= 3.3.1.0)
    rubocop-capybara (2.21.0)
      rubocop (~> 1.41)
    rubocop-factory_bot (2.26.1)
      rubocop (~> 1.61)
    rubocop-faker (1.2.0)
      faker (>= 2.12.0)
      rubocop (>= 1.13.0)
    rubocop-performance (1.23.1)
      rubocop (>= 1.48.1, < 2.0)
      rubocop-ast (>= 1.31.1, < 2.0)
    rubocop-rails (2.29.1)
      activesupport (>= 4.2.0)
      rack (>= 1.1)
      rubocop (>= 1.52.0, < 2.0)
      rubocop-ast (>= 1.31.1, < 2.0)
    rubocop-rspec (3.4.0)
      rubocop (~> 1.61)
    rubocop-rspec_rails (2.30.0)
      rubocop (~> 1.61)
      rubocop-rspec (~> 3, >= 3.0.1)
    rubocop-rubycw (0.1.6)
      rubocop (~> 1.0)
    ruby-openai (6.5.0)
      event_stream_parser (>= 0.3.0, < 2.0.0)
      faraday (>= 1)
      faraday-multipart (>= 1)
    ruby-progressbar (1.13.0)
    ruby-vips (2.2.3)
      ffi (~> 1.12)
      logger
    rubyXL (3.4.33)
      nokogiri (>= 1.10.8)
      rubyzip (>= 1.3.0)
    rubyzip (2.3.2)
    sassc (2.4.0)
      ffi (~> 1.9)
    selenium-webdriver (4.29.1)
      base64 (~> 0.2)
      logger (~> 1.4)
      rexml (~> 3.2, >= 3.2.5)
      rubyzip (>= 1.2.2, < 3.0)
      websocket (~> 1.0)
    semantic_range (3.1.0)
    shakapacker (7.1.0)
      activesupport (>= 5.2)
      rack-proxy (>= 0.6.1)
      railties (>= 5.2)
      semantic_range (>= 2.3.0)
    sidekiq (6.5.12)
      connection_pool (>= 2.2.5, < 3)
      rack (~> 2.0)
      redis (>= 4.5.0, < 5)
    simplecov (0.22.0)
      docile (~> 1.1)
      simplecov-html (~> 0.11)
      simplecov_json_formatter (~> 0.1)
    simplecov-cobertura (2.1.0)
      rexml
      simplecov (~> 0.19)
    simplecov-html (0.13.1)
    simplecov_json_formatter (0.1.4)
    slack-ruby-client (2.5.2)
      faraday (>= 2.0)
      faraday-mashify
      faraday-multipart
      gli
      hashie
      logger
    smart_properties (1.17.0)
    snaky_hash (2.0.3)
      hashie (>= 0.1.0, < 6)
      version_gem (>= 1.1.8, < 3)
    spring (4.2.1)
    spring-watcher-listen (2.1.0)
      listen (>= 2.7, < 4.0)
      spring (>= 4)
    stringio (3.1.7)
    temple (0.10.3)
    terminal-table (4.0.0)
      unicode-display_width (>= 1.1.1, < 4)
    thor (1.3.2)
    tilt (2.6.0)
    timeout (0.4.3)
    trailblazer-option (0.1.2)
    tzinfo (2.0.6)
      concurrent-ruby (~> 1.0)
    uber (0.1.0)
    unicode-display_width (2.6.0)
    uniform_notifier (1.16.0)
    uri (1.0.3)
    valid_email2 (4.0.6)
      activemodel (>= 3.2)
      mail (~> 2.5)
    version_gem (1.1.8)
    w3c_rspec_validators (0.3.0)
      rails
      rspec
      w3c_validators
    w3c_validators (1.3.7)
      json (>= 1.8)
      nokogiri (~> 1.6)
      rexml (~> 3.2)
    warden (1.2.9)
      rack (>= 2.0.9)
    web-console (4.2.1)
      actionview (>= 6.0.0)
      activemodel (>= 6.0.0)
      bindex (>= 0.4.0)
      railties (>= 6.0.0)
    web-push (3.0.1)
      jwt (~> 2.0)
      openssl (~> 3.0)
    webmock (3.25.1)
      addressable (>= 2.8.0)
      crack (>= 0.3.2)
      hashdiff (>= 0.4.0, < 2.0.0)
    websocket (1.2.11)
    websocket-driver (0.8.0)
      base64
      websocket-extensions (>= 0.1.0)
    websocket-extensions (0.1.5)
    wicked_pdf (2.8.2)
      activesupport
      ostruct
    wisper (2.0.1)
    wisper-rspec (1.1.0)
    xpath (3.2.0)
      nokogiri (~> 1.8)
    zeitwerk (2.7.3)
    zip-zip (0.3)
      rubyzip (>= 1.0.0)

PLATFORMS
  aarch64-linux
  x86_64-linux

DEPENDENCIES
  aws-sdk-s3
  bootsnap
  byebug (~> 11.0)
  decidim (= 0.29.2)
  decidim-ai-comment_moderation!
  decidim-decidim_awesome!
  decidim-dev (= 0.29.2)
  decidim-navigation_maps!
  decidim-polis!
  decidim-term_customizer!
  decidim-user_extension!
  deface
  dotenv-rails
  factory_bot_rails
  faker
  figaro
  fog-aws
  image_processing
  letter_opener_web
  listen (~> 3.1)
  newrelic_rpm
  omniauth-cityos-dcp!
  omniauth-line_login!
  omniauth-rails_csrf_protection
  puma (>= 6.3.1)
  puma_worker_killer
  rspec-rails
  rubocop-factory_bot (~> 2.26.0)
  rubocop-faker
  rubocop-rspec_rails (~> 2.30.0)
  rubyzip (>= 1.0.0)
  sidekiq (= 6.5.12)
  slack-ruby-client
  web-console (~> 4.2)
  wicked_pdf (~> 2.1)
  zip-zip

RUBY VERSION
   ruby 3.2.6p234

BUNDLED WITH
   2.4.21
